GIT
  remote: git://github.com/ngmaloney/mbta-client.git
  revision: 3f0b185da36a22af1baf70444a3b9701b0654adf
  specs:
    mbta (0.0.1)

GEM
  remote: https://rubygems.org/
  specs:
    actionpack (4.1.9)
      actionview (= 4.1.9)
      activesupport (= 4.1.9)
      rack (~> 1.5.2)
      rack-test (~> 0.6.2)
    actionview (4.1.9)
      activesupport (= 4.1.9)
      builder (~> 3.1)
      erubis (~> 2.7.0)
    activesupport (4.1.9)
      i18n (~> 0.6, >= 0.6.9)
      json (~> 1.7, >= 1.7.7)
      minitest (~> 5.1)
      thread_safe (~> 0.1)
      tzinfo (~> 1.1)
    builder (3.2.2)
    dotenv (2.0.0)
    dotenv-rails (2.0.0)
      dotenv (= 2.0.0)
    erubis (2.7.0)
    faraday (0.9.1)
      multipart-post (>= 1.2, < 3)
    gtfs-realtime-bindings (0.0.5)
      protobuf (>= 3.0)
    i18n (0.7.0)
    json (1.8.2)
    kgio (2.9.3)
    middleware (0.1.0)
    minitest (5.5.1)
    multipart-post (2.0.0)
    protobuf (3.4.4)
      activesupport (>= 3.2)
      middleware
      thor
      thread_safe
    rack (1.5.2)
    rack-test (0.6.3)
      rack (>= 1.0)
    rails-api (0.4.0)
      actionpack (>= 3.2.11)
      railties (>= 3.2.11)
    railties (4.1.9)
      actionpack (= 4.1.9)
      activesupport (= 4.1.9)
      rake (>= 0.8.7)
      thor (>= 0.18.1, < 2.0)
    raindrops (0.13.0)
    rake (10.4.2)
    sqlite3 (1.3.10)
    thor (0.19.1)
    thread_safe (0.3.5)
    tzinfo (1.2.2)
      thread_safe (~> 0.1)
    unicorn (4.8.3)
      kgio (~> 2.6)
      rack
      raindrops (~> 0.7)

PLATFORMS
  ruby

DEPENDENCIES
  bundler (>= 1.8.4)
  dotenv-rails
  faraday
  gtfs-realtime-bindings
  mbta!
  rails-api
  sqlite3
  unicorn
